GEM
  remote: http://rubygems.org/
  specs:
    chunky_png (1.2.5)
    coffee-script (2.2.0)
      coffee-script-source
      execjs
    coffee-script-source (1.2.0)
    compass (0.11.7)
      chunky_png (~> 1.2)
      fssm (>= 0.2.7)
      sass (~> 3.1)
    execjs (1.3.0)
      multi_json (~> 1.0)
    ffi (1.0.11)
    fssm (0.2.8.1)
    guard (0.10.0)
      ffi (>= 0.5.0)
      thor (~> 0.14.6)
    guard-bundler (0.1.3)
      bundler (>= 1.0.0)
      guard (>= 0.2.2)
    guard-coffeescript (0.5.2)
      coffee-script (>= 2.2.0)
      guard (>= 0.8.3)
    guard-compass (0.0.6)
      compass (>= 0.10.5)
      guard (>= 0.2.1)
    multi_json (1.0.4)
    sass (3.1.15)
    sassy-buttons (0.0.5)
      compass (>= 0.11)
    thor (0.14.6)

PLATFORMS
  ruby

DEPENDENCIES
  bundler
  coffee-script (= 2.2.0)
  compass
  guard
  guard-bundler
  guard-coffeescript
  guard-compass
  sass
  sassy-buttons (= 0.0.5)
